GEM
  remote: http://rubygems.org/
  specs:
    commander (4.3.4)
      highline (~> 1.7.2)
    highline (1.7.3)
    sequel (4.25.0)
    sqlite3 (1.3.10)

PLATFORMS
  ruby

DEPENDENCIES
  commander
  sequel
  sqlite3
